GEM
  remote: http://rubygems.org/
  specs:
    childprocess (0.5.1)
      ffi (~> 1.0, >= 1.0.11)
    ffi (1.9.3)
    multi_json (1.9.2)
    rmagick (2.13.2)
    rubyzip (1.1.2)
    selenium-webdriver (2.40.0)
      childprocess (>= 0.5.0)
      multi_json (~> 1.0)
      rubyzip (~> 1.0)
      websocket (~> 1.0.4)
    websocket (1.0.7)

PLATFORMS
  ruby

DEPENDENCIES
  rmagick
  selenium-webdriver
